GEM
  remote: http://rubygems.org/
  specs:
    ast (2.4.0)
    fileutils (1.1.0)
    gviz (0.3.5)
      thor
    jaro_winkler (1.5.2)
    mini_portile2 (2.4.0)
    nokogiri (1.10.1)
      mini_portile2 (~> 2.4.0)
    parallel (1.13.0)
    parser (2.6.0.0)
      ast (~> 2.4.0)
    powerpack (0.1.2)
    psych (3.1.0)
    rainbow (3.0.0)
    rubocop (0.65.0)
      jaro_winkler (~> 1.5.1)
      parallel (~> 1.10)
      parser (>= 2.5, != 2.5.1.1)
      powerpack (~> 0.1)
      psych (>= 3.1.0)
      rainbow (>= 2.2.2, < 4.0)
      ruby-progressbar (~> 1.7)
      unicode-display_width (~> 1.4.0)
    ruby-progressbar (1.10.0)
    thor (0.20.3)
    unicode-display_width (1.4.1)

PLATFORMS
  ruby

DEPENDENCIES
  fileutils
  gviz
  nokogiri
  rubocop

BUNDLED WITH
   1.17.3
